PATH
  remote: .
  specs:
    bigbluebutton-api-ruby (1.9.1)
      base64 (>= 0.1.0)
      xml-simple (~> 1.1)

GEM
  remote: http://rubygems.org/
  specs:
    base64 (0.3.0)
    diff-lcs (1.1.3)
    forgery (0.5.0)
    rake (12.3.3)
    rexml (3.2.5)
    rspec (2.10.0)
      rspec-core (~> 2.10.0)
      rspec-expectations (~> 2.10.0)
      rspec-mocks (~> 2.10.0)
    rspec-core (2.10.0)
    rspec-expectations (2.10.0)
      diff-lcs (~> 1.1.3)
    rspec-mocks (2.10.0)
    xml-simple (1.1.9)
      rexml

PLATFORMS
  ruby

DEPENDENCIES
  bigbluebutton-api-ruby!
  forgery
  rake
  rspec (~> 2.10)

BUNDLED WITH
   2.6.9
