GIT
  remote: https://github.com/mconf/bbbot-ruby.git
  revision: fcfd8c4c71371653335a46d7462ee14a9301f546
  specs:
    bbbot-ruby (0.0.1)

PATH
  remote: .
  specs:
    bigbluebutton-api-ruby (1.9.0.pre.mconf)
      childprocess (>= 1.0.1)
      ffi (>= 1.9.24)
      json (>= 1.8.6)
      nokogiri (>= 1.10.4)
      rack (>= 1.6.11)
      rubyzip (>= 1.3.0)
      xml-simple (~> 1.1)

GEM
  remote: http://rubygems.org/
  specs:
    activesupport (6.1.4.6)
      concurrent-ruby (~> 1.0, >= 1.0.2)
      i18n (>= 1.6, < 2)
      minitest (>= 5.1)
      tzinfo (~> 2.0)
      zeitwerk (~> 2.3)
    addressable (2.2.8)
    builder (3.0.0)
    capybara (1.1.2)
      mime-types (>= 1.16)
      nokogiri (>= 1.3.3)
      rack (>= 1.0.0)
      rack-test (>= 0.5.4)
      selenium-webdriver (~> 2.0)
      xpath (~> 0.1.4)
    childprocess (1.0.1)
      rake (< 13.0)
    concurrent-ruby (1.1.9)
    cucumber (1.1.9)
      builder (>= 2.1.2)
      diff-lcs (>= 1.1.2)
      gherkin (~> 2.9.0)
      json (>= 1.4.6)
      term-ansicolor (>= 1.0.6)
    cucumber-rails (1.3.0)
      capybara (>= 1.1.2)
      cucumber (>= 1.1.8)
      nokogiri (>= 1.5.0)
    diff-lcs (1.1.3)
    ffi (1.9.24)
    forgery (0.5.0)
    gherkin (2.9.3)
      json (>= 1.4.6)
    i18n (1.9.1)
      concurrent-ruby (~> 1.0)
    json (1.8.6)
    libwebsocket (0.1.3)
      addressable
    mime-types (1.18)
    mini_portile2 (2.4.0)
    minitest (5.15.0)
    multi_json (1.3.4)
    nokogiri (1.10.4)
      mini_portile2 (~> 2.4.0)
    rack (1.6.11)
    rack-test (0.6.1)
      rack (>= 1.0)
    rake (0.9.2.2)
    rdoc (3.12.1)
      json (~> 1.4)
    rexml (3.2.5)
    rspec (2.10.0)
      rspec-core (~> 2.10.0)
      rspec-expectations (~> 2.10.0)
      rspec-mocks (~> 2.10.0)
    rspec-core (2.10.0)
    rspec-expectations (2.10.0)
      diff-lcs (~> 1.1.3)
    rspec-mocks (2.10.0)
    rubyzip (1.3.0)
    selenium-webdriver (2.21.2)
      childprocess (>= 0.2.5)
      ffi (~> 1.0)
      libwebsocket (~> 0.1.3)
      multi_json (~> 1.0)
      rubyzip
    term-ansicolor (1.0.7)
    tzinfo (2.0.4)
      concurrent-ruby (~> 1.0)
    xml-simple (1.1.9)
      rexml
    xpath (0.1.4)
      nokogiri (~> 1.3)
    zeitwerk (2.5.4)

PLATFORMS
  ruby

DEPENDENCIES
  activesupport
  bbbot-ruby!
  bigbluebutton-api-ruby!
  cucumber-rails
  forgery
  rake (>= 0.9)
  rdoc (= 3.12.1)
  rspec (~> 2.10)

BUNDLED WITH
   1.17.3
