PATH
  remote: .
  specs:
    bigbluebutton-api-ruby (1.9.1)
      base64 (>= 0.1.0)
      xml-simple (~> 1.1)

GEM
  remote: https://rubygems.org/
  specs:
    base64 (0.3.0)
    diff-lcs (1.6.2)
    forgery (0.5.0)
    rake (12.3.3)
    rexml (3.2.5)
    rspec (3.13.1)
      rspec-core (~> 3.13.0)
      rspec-expectations (~> 3.13.0)
      rspec-mocks (~> 3.13.0)
    rspec-core (3.13.5)
      rspec-support (~> 3.13.0)
    rspec-expectations (3.13.5)
      diff-lcs (>= 1.2.0, < 2.0)
      rspec-support (~> 3.13.0)
    rspec-mocks (3.13.5)
      diff-lcs (>= 1.2.0, < 2.0)
      rspec-support (~> 3.13.0)
    rspec-support (3.13.5)
    xml-simple (1.1.9)
      rexml

PLATFORMS
  ruby

DEPENDENCIES
  bigbluebutton-api-ruby!
  forgery
  rake
  rspec

RUBY VERSION
   ruby 3.4.5p51

BUNDLED WITH
   2.6.9
